PATH
  remote: .
  specs:
    vernacular-ast (0.1.0)
      parser (~> 2.5)
      racc (~> 1.4)
      vernacular (~> 1.0)

GEM
  remote: https://rubygems.org/
  specs:
    ast (2.4.0)
    jaro_winkler (1.5.1)
    minitest (5.11.3)
    parallel (1.12.1)
    parser (2.5.3.0)
      ast (~> 2.4.0)
    powerpack (0.1.2)
    racc (1.4.14)
    rainbow (3.0.0)
    rake (12.3.2)
    rubocop (0.61.1)
      jaro_winkler (~> 1.5.1)
      parallel (~> 1.10)
      parser (>= 2.5, != 2.5.1.1)
      powerpack (~> 0.1)
      rainbow (>= 2.2.2, < 4.0)
      ruby-progressbar (~> 1.7)
      unicode-display_width (~> 1.4.0)
    ruby-progressbar (1.10.0)
    unicode-display_width (1.4.0)
    vernacular (1.0.0)

PLATFORMS
  ruby

DEPENDENCIES
  bundler (~> 1.16)
  minitest (~> 5.11)
  rake (~> 12.3)
  rubocop (~> 0.60)
  vernacular-ast!

BUNDLED WITH
   1.16.1
