PATH
  remote: .
  specs:
    vernacular-ast (0.1.1)
      parser (~> 2.6)
      racc (~> 1.4)
      vernacular (~> 1.0)

GEM
  remote: https://rubygems.org/
  specs:
    ast (2.4.0)
    jaro_winkler (1.5.2)
    minitest (5.11.3)
    parallel (1.17.0)
    parser (2.6.2.0)
      ast (~> 2.4.0)
    psych (3.1.0)
    racc (1.4.15)
    rainbow (3.0.0)
    rake (12.3.2)
    rubocop (0.67.2)
      jaro_winkler (~> 1.5.1)
      parallel (~> 1.10)
      parser (>= 2.5, != 2.5.1.1)
      psych (>= 3.1.0)
      rainbow (>= 2.2.2, < 4.0)
      ruby-progressbar (~> 1.7)
      unicode-display_width (>= 1.4.0, < 1.6)
    ruby-progressbar (1.10.0)
    unicode-display_width (1.5.0)
    vernacular (1.0.0)

PLATFORMS
  ruby

DEPENDENCIES
  bundler (~> 2.0)
  minitest (~> 5.11)
  rake (~> 12.3)
  rubocop (~> 0.65)
  vernacular-ast!

BUNDLED WITH
   2.0.1
